GEM
  remote: https://rubygems.org/
  specs:
    ffi (1.9.10)
    httparty (0.13.7)
      json (~> 1.8)
      multi_xml (>= 0.5.2)
    json (1.8.3)
    msgpack (0.7.4)
    multi_xml (0.5.5)
    rbtrace (0.4.8)
      ffi (>= 1.0.6)
      msgpack (>= 0.4.3)
      trollop (>= 1.16.2)
    trollop (2.1.2)

PLATFORMS
  ruby

DEPENDENCIES
  httparty
  rbtrace

BUNDLED WITH
   1.11.2
